GEM
  remote: http://rubygems.org/
  specs:
    active_support (3.0.0)
      activesupport (= 3.0.0)
    activesupport (3.0.0)
    diff-lcs (1.1.3)
    git (1.2.5)
    hashr (0.0.22)
    jeweler (1.8.4)
      bundler (~> 1.0)
      git (>= 1.2.5)
      rake
      rdoc
    json (1.7.5)
    multi_json (1.3.6)
    rake (0.9.2.2)
    rdiscount (1.6.8)
    rdoc (3.12)
      json (~> 1.4)
    rspec (2.11.0)
      rspec-core (~> 2.11.0)
      rspec-expectations (~> 2.11.0)
      rspec-mocks (~> 2.11.0)
    rspec-core (2.11.1)
    rspec-expectations (2.11.2)
      diff-lcs (~> 1.1.3)
    rspec-mocks (2.11.2)
    simplecov (0.6.4)
      multi_json (~> 1.0)
      simplecov-html (~> 0.5.3)
    simplecov-html (0.5.3)
    travis-lint (1.4.0)
      hashr (>= 0.0.19)
    yard (0.8.2.1)

PLATFORMS
  ruby

DEPENDENCIES
  active_support (>= 2)
  bundler
  jeweler (~> 1.8.4)
  rake (~> 0.9.2)
  rdiscount (~> 1.6.8)
  rspec (~> 2.11.0)
  simplecov (~> 0.6.4)
  travis-lint (~> 1.4.0)
  yard (~> 0.8.2.1)
