GEM
  remote: http://rubygems.org/
  specs:
    active_support (3.0.0)
      activesupport (= 3.0.0)
    activesupport (3.0.0)
    diff-lcs (1.1.3)
    git (1.2.5)
    hashr (0.0.19)
    jeweler (1.8.3)
      bundler (~> 1.0)
      git (>= 1.2.5)
      rake
      rdoc
    json (1.6.5)
    multi_json (1.0.4)
    paint (0.8.4)
    rake (0.9.2.2)
    rdiscount (1.6.8)
    rdoc (3.12)
      json (~> 1.4)
    rspec (2.8.0)
      rspec-core (~> 2.8.0)
      rspec-expectations (~> 2.8.0)
      rspec-mocks (~> 2.8.0)
    rspec-core (2.8.0)
    rspec-expectations (2.8.0)
      diff-lcs (~> 1.1.2)
    rspec-mocks (2.8.0)
    shoulda (2.11.3)
    simplecov (0.5.4)
      multi_json (~> 1.0.3)
      simplecov-html (~> 0.5.3)
    simplecov-html (0.5.3)
    travis-lint (1.3.0)
      hashr (>= 0.0.19)
    upoj-rb (0.0.5)
      active_support (>= 2)
      paint
    yard (0.7.5)

PLATFORMS
  ruby

DEPENDENCIES
  active_support (>= 2)
  bundler
  jeweler (~> 1.8.3)
  rake (~> 0.9.2)
  rdiscount (~> 1.6.8)
  rspec (~> 2.8.0)
  shoulda (~> 2.11.3)
  simplecov (~> 0.5.4)
  travis-lint (~> 1.3.0)
  upoj-rb (~> 0.0.5)
  yard (~> 0.7.5)
