GEM
  remote: http://rubygems.org/
  specs:
    active_support (3.0.0)
      activesupport (= 3.0.0)
    activesupport (3.0.0)
    diff-lcs (1.1.3)
    gem-release (0.4.1)
    git (1.2.5)
    hashr (0.0.22)
    jeweler (1.8.4)
      bundler (~> 1.0)
      git (>= 1.2.5)
      rake
      rdoc
    json (1.7.6)
    multi_json (1.5.0)
    rake (10.0.3)
    rdiscount (2.0.7)
    rdoc (3.12)
      json (~> 1.4)
    rspec (2.12.0)
      rspec-core (~> 2.12.0)
      rspec-expectations (~> 2.12.0)
      rspec-mocks (~> 2.12.0)
    rspec-core (2.12.2)
    rspec-expectations (2.12.1)
      diff-lcs (~> 1.1.3)
    rspec-mocks (2.12.2)
    simplecov (0.7.1)
      multi_json (~> 1.0)
      simplecov-html (~> 0.7.1)
    simplecov-html (0.7.1)
    travis-lint (1.6.0)
      hashr (~> 0.0.22)
    yard (0.8.3)

PLATFORMS
  ruby

DEPENDENCIES
  active_support
  bundler
  gem-release
  jeweler
  rake (~> 10)
  rdiscount
  rspec
  simplecov
  travis-lint
  yard
